GEM
  remote: https://rubygems.org/
  specs:
    ast (2.4.3)
    json (2.7.6)
    language_server-protocol (3.17.0.5)
    parallel (1.24.0)
    parser (3.3.9.0)
      ast (~> 2.4.1)
      racc
    racc (1.8.1)
    rainbow (3.1.1)
    regexp_parser (2.11.3)
    rexml (3.4.4)
    rubocop (1.50.2)
      json (~> 2.3)
      parallel (~> 1.10)
      parser (>= 3.2.0.0)
      rainbow (>= 2.2.2, < 4.0)
      regexp_parser (>= 1.8, < 3.0)
      rexml (>= 3.2.5, < 4.0)
      rubocop-ast (>= 1.28.0, < 2.0)
      ruby-progressbar (~> 1.7)
      unicode-display_width (>= 2.4.0, < 3.0)
    rubocop-ast (1.30.0)
      parser (>= 3.2.1.0)
    ruby-lsp (0.0.4)
      language_server-protocol
      rubocop (>= 1.0)
      sorbet-runtime
      syntax_tree (>= 2.3)
    ruby-progressbar (1.13.0)
    sorbet-runtime (0.5.10461)
    syntax_tree (2.3.1)
    thor (1.4.0)
    unicode-display_width (2.6.0)
    yaml (0.4.0)

PLATFORMS
  ruby

DEPENDENCIES
  ruby-lsp
  thor
  yaml

BUNDLED WITH
   1.17.2
