GEM
  remote: https://rubygems.org/
  specs:
    csv (3.2.8)
    language_server-protocol (3.17.0.5)
    logger (1.7.0)
    prism (1.6.0)
    rbs (3.9.5)
      logger
    ruby-lsp (0.26.1)
      language_server-protocol (~> 3.17.0)
      prism (>= 1.2, < 2.0)
      rbs (>= 3, < 5)
    thor (1.4.0)
    yaml (0.4.0)

PLATFORMS
  arm64-darwin-24
  ruby

DEPENDENCIES
  csv
  ruby-lsp
  thor
  yaml

BUNDLED WITH
   2.5.3
